GEM
  remote: http://rubygems.org/
  specs:
    childprocess (0.2.2)
      ffi (~> 1.0.6)
    ffi (1.0.9)
    json_pure (1.5.4)
      spruz (~> 0.2.8)
    rubyzip (0.9.4)
    selenium-webdriver (2.5.0)
      childprocess (>= 0.2.1)
      ffi (>= 1.0.7)
      json_pure
      rubyzip
    spruz (0.2.13)

PLATFORMS
  ruby

DEPENDENCIES
  selenium-webdriver
